GEM
  remote: https://rubygems.org/
  specs:
    json (1.8.3)
    mini_portile2 (2.0.0)
    nokogiri (1.6.7.1)
      mini_portile2 (~> 2.0.0.rc2)

PLATFORMS
  ruby

DEPENDENCIES
  json (= 1.8.3)
  nokogiri (= 1.6.7.1)

BUNDLED WITH
   1.10.6
